GEM
  remote: https://rubygems.org/
  specs:
    activemodel (7.0.4.3)
      activesupport (= 7.0.4.3)
    activerecord (7.0.4.3)
      activemodel (= 7.0.4.3)
      activesupport (= 7.0.4.3)
    activesupport (7.0.4.3)
      concurrent-ruby (~> 1.0, >= 1.0.2)
      i18n (>= 1.6, < 2)
      minitest (>= 5.1)
      tzinfo (~> 2.0)
    ast (2.4.2)
    concurrent-ruby (1.2.2)
    cuba (4.0.1)
      rack (>= 3.0.0)
      rack-session (>= 2.0.0)
    dalli (3.2.3)
    foreman (0.87.2)
    i18n (1.12.0)
      concurrent-ruby (~> 1.0)
    json (2.6.2)
    minitest (5.18.0)
    nio4r (2.5.8)
    oj (3.13.23)
    oj_mimic_json (1.0.1)
    parallel (1.22.1)
    parser (3.1.3.0)
      ast (~> 2.4.1)
    pg (1.4.5)
    puma (6.0.0)
      nio4r (~> 2.0)
    rack (3.0.7)
    rack-cache (1.13.0)
      rack (>= 0.4)
    rack-session (2.0.0)
      rack (>= 3.0.0)
    rainbow (3.1.1)
    rake (13.0.6)
    regexp_parser (2.6.1)
    rexml (3.2.5)
    rubocop (1.39.0)
      json (~> 2.3)
      parallel (~> 1.10)
      parser (>= 3.1.2.1)
      rainbow (>= 2.2.2, < 4.0)
      regexp_parser (>= 1.8, < 3.0)
      rexml (>= 3.2.5, < 4.0)
      rubocop-ast (>= 1.23.0, < 2.0)
      ruby-progressbar (~> 1.7)
      unicode-display_width (>= 1.4.0, < 3.0)
    rubocop-ast (1.24.0)
      parser (>= 3.1.1.0)
    ruby-progressbar (1.11.0)
    rubyzip (2.3.2)
    tzinfo (2.0.6)
      concurrent-ruby (~> 1.0)
    unicode-display_width (2.3.0)
    warden (1.2.9)
      rack (>= 2.0.9)

PLATFORMS
  ruby

DEPENDENCIES
  activerecord (>= 7.0.4.3)
  cuba
  dalli
  foreman
  oj
  oj_mimic_json
  pg
  puma
  rack (>= 3.0.6.1)
  rack-cache
  rake
  rubocop
  rubyzip
  warden

RUBY VERSION
   ruby 3.1.2p20

BUNDLED WITH
   2.3.7
